NUGET
  remote: https://nuget.org/api/v2
  specs:
    Expression.Blend.Sdk (1.0.2) - framework: >= net45
    FAKE (4.0.2)
    FSharp.Compiler.Service (1.3.1.0)
    FSharp.Formatting (2.10.0)
      FSharp.Compiler.Service (>= 0.0.87)
      FSharpVSPowerTools.Core (1.8.0)
    FSharpVSPowerTools.Core (1.8.0)
      FSharp.Compiler.Service (>= 0.0.87)
    FsXaml.Wpf (0.9.9)
      Expression.Blend.Sdk (>= 1.0.2) - framework: >= net45
    gong-wpf-dragdrop (0.1.4.3)
      WPFToolkit (>= 3.5.50211.1) - framework: >= net35 < net40
    Microsoft.Bcl (1.1.10)
      Microsoft.Bcl.Build (>= 1.0.14)
    Microsoft.Bcl.Build (1.0.21)
    Microsoft.Net.Http (2.2.29)
      Microsoft.Bcl (>= 1.1.10)
      Microsoft.Bcl.Build (>= 1.0.14)
    NUnit (2.6.4)
    NUnit.Runners (2.6.4)
    Octokit (0.14.0) - framework: >= net35 < net40
      Microsoft.Net.Http
    Rx-Core (2.2.5)
      Rx-Interfaces (>= 2.2.5)
    Rx-Interfaces (2.2.5)
    Rx-Linq (2.2.5)
      Rx-Core (>= 2.2.5)
      Rx-Interfaces (>= 2.2.5)
    Rx-Main (2.2.5)
      Rx-Core (>= 2.2.5)
      Rx-Interfaces (>= 2.2.5)
      Rx-Linq (>= 2.2.5)
      Rx-PlatformServices (>= 2.2.5)
    Rx-PlatformServices (2.2.5)
      Rx-Core (>= 2.2.5)
      Rx-Interfaces (>= 2.2.5)
    Rx-WPF (2.2.5)
      Rx-Xaml (>= 2.2.5)
    Rx-Xaml (2.2.5)
      Rx-Main (>= 2.2.5)
    SourceLink.Fake (1.0.0)
    WPFToolkit (3.5.50211.1) - framework: >= net35 < net40
GITHUB
  remote: fsharp/FAKE
  specs:
    modules/Octokit/Octokit.fsx (69ef5a5ccc1ece211a241fa43781b53d49e58475)
      Octokit